GEM
  remote: https://rubygems.org/
  specs:
    RedCloth (4.2.9)
    RedCloth (4.2.9-x86-mingw32)
    celluloid (0.16.0)
      timers (~> 4.0.0)
    chunky_png (1.3.4)
    colorator (0.1)
    compass (0.12.7)
      chunky_png (~> 1.2)
      fssm (>= 0.2.7)
      sass (~> 3.2.19)
    ffi (1.9.17)
    ffi (1.9.17-x86-mingw32)
    fssm (0.2.10)
    haml (4.0.6)
      tilt
    hitimes (1.2.4)
    hitimes (1.2.4-x86-mingw32)
    jekyll (3.1.6)
      colorator (~> 0.1)
      jekyll-sass-converter (~> 1.0)
      jekyll-watch (~> 1.1)
      kramdown (~> 1.3)
      liquid (~> 3.0)
      mercenary (~> 0.3.3)
      rouge (~> 1.7)
      safe_yaml (~> 1.0)
    jekyll-paginate (1.1.0)
    jekyll-sass-converter (1.3.0)
      sass (~> 3.2)
    jekyll-sitemap (0.8.1)
    jekyll-watch (1.2.1)
      listen (~> 2.7)
    kramdown (1.13.2)
    liquid (3.0.6)
    listen (2.7.8)
      celluloid (>= 0.15.2)
      rb-fsevent (>= 0.9.3)
      rb-inotify (>= 0.9)
    mercenary (0.3.6)
    multi_json (1.12.1)
    octopress (3.0.11)
      jekyll (>= 2.0)
      mercenary (~> 0.3.2)
      octopress-deploy
      octopress-escape-code (~> 2.0)
      octopress-hooks (~> 2.0)
      redcarpet (~> 3.0)
      titlecase
    octopress-code-highlighter (4.2.6)
      colorator (~> 0.1)
      octopress-hooks
    octopress-codeblock (1.0.5)
      octopress-code-highlighter (~> 4.2)
    octopress-date-format (3.0.3)
      jekyll (>= 2.0)
    octopress-deploy (1.3.0)
      colorator
    octopress-escape-code (2.0.6)
      octopress-hooks (~> 2.0)
    octopress-hooks (2.6.2)
      jekyll (>= 2.0)
    octopress-image-tag (1.1.0)
      jekyll
    octopress-linkblog (2.0.2)
      octopress-hooks (~> 2.1)
      titlecase
    octopress-quote-tag (1.0.4)
      jekyll
      rubypants
    pygments.rb (1.1.1)
      multi_json (>= 1.0.0)
    rb-fsevent (0.9.8)
    rb-inotify (0.9.8)
      ffi (>= 0.5.0)
    rdiscount (2.1.8)
    redcarpet (3.4.0)
    rouge (1.11.1)
    rubypants (0.2.0)
    safe_yaml (1.0.4)
    sass (3.2.19)
    sass-globbing (1.0.0)
      sass (>= 3.1)
    stringex (1.4.0)
    tilt (2.0.1)
    timers (4.0.4)
      hitimes
    titlecase (0.1.1)

PLATFORMS
  ruby
  x86-mingw32

DEPENDENCIES
  RedCloth (~> 4.2.9)
  celluloid (= 0.16.0)
  compass (~> 0.12.2)
  haml (~> 4.0)
  jekyll (~> 3.0)
  jekyll-paginate
  jekyll-sitemap (~> 0.8.0)
  listen (= 2.7.8)
  octopress (~> 3.0)
  octopress-codeblock
  octopress-date-format
  octopress-hooks (~> 2.6.2)
  octopress-image-tag
  octopress-linkblog
  octopress-quote-tag
  pygments.rb
  rdiscount (~> 2.0)
  rubypants (~> 0.2.0)
  sass-globbing (~> 1.0.0)
  stringex (~> 1.4.0)

BUNDLED WITH
   1.14.3
